GEM
  remote: http://ruby.taobao.org/
  specs:
    classifier (1.3.3)
      fast-stemmer (>= 1.0.0)
    coderay (1.0.7)
    directory_watcher (1.4.1)
    fast-stemmer (1.0.1)
    jekyll (0.8.0)
      classifier (>= 1.3.1)
      directory_watcher (>= 1.1.1)
      liquid (>= 1.9.0)
      maruku (>= 0.5.9)
    liquid (2.3.0)
    maruku (0.6.0)
      syntax (>= 1.0.0)
    method_source (0.7.1)
    pry (0.9.9.6)
      coderay (~> 1.0.5)
      method_source (~> 0.7.1)
      slop (>= 2.4.4, < 3)
    rdiscount (1.6.8)
    slop (2.4.4)
    syntax (1.0.0)

PLATFORMS
  ruby

DEPENDENCIES
  jekyll (~> 0.8.0)
  pry
  rdiscount
